PATH
  remote: .
  specs:
    cloud_storage_interface (0.0.0)
      aws-sdk (~> 2)
      google-cloud-storage (~> 0.24.0)

GEM
  remote: http://www.rubygems.org/
  specs:
    addressable (2.7.0)
      public_suffix (>= 2.0.2, < 5.0)
    aws-eventstream (1.0.3)
    aws-sdk (2.11.349)
      aws-sdk-resources (= 2.11.349)
    aws-sdk-core (2.11.349)
      aws-sigv4 (~> 1.0)
      jmespath (~> 1.0)
    aws-sdk-resources (2.11.349)
      aws-sdk-core (= 2.11.349)
    aws-sigv4 (1.1.0)
      aws-eventstream (~> 1.0, >= 1.0.2)
    declarative (0.0.10)
    declarative-option (0.1.0)
    digest-crc (0.4.1)
    faraday (0.15.4)
      multipart-post (>= 1.2, < 3)
    google-api-client (0.10.3)
      addressable (~> 2.3)
      googleauth (~> 0.5)
      httpclient (~> 2.7)
      hurley (~> 0.1)
      memoist (~> 0.11)
      mime-types (>= 1.6)
      representable (~> 3.0)
      retriable (>= 2.0, < 4.0)
    google-cloud-core (0.21.1)
      googleauth (~> 0.5.1)
    google-cloud-storage (0.24.0)
      digest-crc (~> 0.4)
      google-api-client (~> 0.10.0)
      google-cloud-core (~> 0.21.0)
    googleauth (0.5.3)
      faraday (~> 0.12)
      jwt (~> 1.4)
      logging (~> 2.0)
      memoist (~> 0.12)
      multi_json (~> 1.11)
      os (~> 0.9)
      signet (~> 0.7)
    httpclient (2.8.3)
    hurley (0.2)
    jmespath (1.4.0)
    jwt (1.5.6)
    little-plugger (1.1.4)
    logging (2.2.2)
      little-plugger (~> 1.1)
      multi_json (~> 1.10)
    memoist (0.16.0)
    mime-types (3.3)
      mime-types-data (~> 3.2015)
    mime-types-data (3.2019.0904)
    multi_json (1.13.1)
    multipart-post (2.1.1)
    os (0.9.6)
    public_suffix (4.0.1)
    representable (3.0.4)
      declarative (< 0.1.0)
      declarative-option (< 0.2.0)
      uber (< 0.2.0)
    retriable (3.1.2)
    signet (0.11.0)
      addressable (~> 2.3)
      faraday (~> 0.9)
      jwt (>= 1.5, < 3.0)
      multi_json (~> 1.10)
    uber (0.1.0)

PLATFORMS
  ruby

DEPENDENCIES
  cloud_storage_interface!

BUNDLED WITH
   1.16.5
